PATH
  remote: .
  specs:
    rake_terraform (0.33.0)
      colored2 (~> 3.1)
      rake_dependencies (>= 1.8)
      rake_factory (>= 0.15)
      ruby-terraform (~> 0.48)

GEM
  remote: https://rubygems.org/
  specs:
    activesupport (5.2.4.1)
      concurrent-ruby (~> 1.0, >= 1.0.2)
      i18n (>= 0.7, < 2)
      minitest (~> 5.1)
      tzinfo (~> 1.1)
    colored2 (3.1.2)
    concurrent-ruby (1.1.5)
    diff-lcs (1.3)
    fakefs (0.20.1)
    gem-release (2.1.1)
    hamster (3.0.0)
      concurrent-ruby (~> 1.0)
    i18n (1.8.2)
      concurrent-ruby (~> 1.0)
    lino (1.1.0)
      hamster (~> 3.0)
      open4 (~> 1.3)
    minitar (0.9)
    minitest (5.14.0)
    open4 (1.3.4)
    rake (13.0.1)
    rake_dependencies (1.10.0)
      hamster (~> 3.0)
      minitar (~> 0.9)
      rake_factory (>= 0.11)
      rubyzip (~> 2.0)
    rake_factory (0.15.0)
      activesupport (~> 5.2)
      rake (~> 13.0)
    rspec (3.9.0)
      rspec-core (~> 3.9.0)
      rspec-expectations (~> 3.9.0)
      rspec-mocks (~> 3.9.0)
    rspec-core (3.9.1)
      rspec-support (~> 3.9.1)
    rspec-expectations (3.9.0)
      diff-lcs (>= 1.2.0, < 2.0)
      rspec-support (~> 3.9.0)
    rspec-mocks (3.9.1)
      diff-lcs (>= 1.2.0, < 2.0)
      rspec-support (~> 3.9.0)
    rspec-support (3.9.2)
    ruby-terraform (0.48.0)
      lino (~> 1.1)
    rubyzip (2.0.0)
    thread_safe (0.3.6)
    tzinfo (1.2.6)
      thread_safe (~> 0.1)

PLATFORMS
  ruby

DEPENDENCIES
  activesupport (~> 5.2)
  bundler (~> 2.0)
  fakefs (~> 0.18)
  gem-release (~> 2.0)
  rake (~> 13.0)
  rake_terraform!
  rspec (~> 3.9)

BUNDLED WITH
   2.1.4
