PATH
  remote: .
  specs:
    rake_terraform (0.26.0.pre.pre.2)
      colored2 (~> 3.1)
      rake_dependencies (~> 0.19)
      ruby-terraform (~> 0.15)

GEM
  remote: https://rubygems.org/
  specs:
    activesupport (5.2.1)
      concurrent-ruby (~> 1.0, >= 1.0.2)
      i18n (>= 0.7, < 2)
      minitest (~> 5.1)
      tzinfo (~> 1.1)
    colored2 (3.1.2)
    concurrent-ruby (1.1.3)
    diff-lcs (1.3)
    fakefs (0.18.0)
    gem-release (2.0.1)
    hamster (3.0.0)
      concurrent-ruby (~> 1.0)
    i18n (1.1.1)
      concurrent-ruby (~> 1.0)
    lino (1.1.0)
      hamster (~> 3.0)
      open4 (~> 1.3)
    minitar (0.7)
    minitest (5.11.3)
    open4 (1.3.4)
    rake (12.3.1)
    rake_dependencies (0.19.0)
      hamster (~> 3.0)
      minitar (~> 0.6)
      rubyzip (>= 1.2.2)
    rspec (3.8.0)
      rspec-core (~> 3.8.0)
      rspec-expectations (~> 3.8.0)
      rspec-mocks (~> 3.8.0)
    rspec-core (3.8.0)
      rspec-support (~> 3.8.0)
    rspec-expectations (3.8.2)
      diff-lcs (>= 1.2.0, < 2.0)
      rspec-support (~> 3.8.0)
    rspec-mocks (3.8.0)
      diff-lcs (>= 1.2.0, < 2.0)
      rspec-support (~> 3.8.0)
    rspec-support (3.8.0)
    ruby-terraform (0.15.0)
      lino (~> 1.1)
    rubyzip (1.2.2)
    thread_safe (0.3.6)
    tzinfo (1.2.5)
      thread_safe (~> 0.1)

PLATFORMS
  ruby

DEPENDENCIES
  activesupport (~> 5.2)
  bundler (~> 1.16)
  fakefs (~> 0.18)
  gem-release (~> 2.0)
  rake (~> 12.3)
  rake_terraform!
  rspec (~> 3.8)

BUNDLED WITH
   1.17.2
